GEM
  remote: https://rubygems.org/
  specs:
    aws-sdk (1.52.0)
      aws-sdk-v1 (= 1.52.0)
    aws-sdk-v1 (1.52.0)
      json (~> 1.4)
      nokogiri (>= 1.4.4)
    json (1.8.1)
    mini_portile2 (2.6.1)
    nokogiri (1.12.5)
      mini_portile2 (~> 2.6.1)
      racc (~> 1.4)
    racc (1.5.2)
    rake (10.3.2)

PLATFORMS
  ruby

DEPENDENCIES
  aws-sdk
  rake
